PATH
  remote: .
  specs:
    ms_utils (0.0.1)
      es
      fastercsv
      gli
      gooddata
      hpricot
      pry
      rainbow
      salesforce

GEM
  remote: http://rubygems.org/
  specs:
    activesupport (3.2.5)
      i18n (~> 0.6)
      multi_json (~> 1.0)
    builder (3.0.0)
    chronic (0.6.7)
    coderay (1.0.6)
    es (0.0.2)
      activesupport
      chronic
      fastercsv
      gli
      gooddata (>= 0.5.4)
      i18n
      jsonify
      pry
      rainbow
      terminal-table
      yajl-ruby
    fastercsv (1.5.5)
    gli (1.6.0)
    gooddata (0.5.5)
      fastercsv
      json
      json_pure
      parseconfig
      rest-client
      rubyzip
    hpricot (0.8.6)
    i18n (0.6.0)
    json (1.7.3)
    json_pure (1.7.3)
    jsonify (0.4.0)
      multi_json (~> 1.3)
    method_source (0.7.1)
    mime-types (1.18)
    multi_json (1.3.6)
    oauth (0.4.6)
    parseconfig (0.5.2)
    pry (0.9.9.6-x86-mingw32)
      coderay (~> 1.0.5)
      method_source (~> 0.7.1)
      slop (>= 2.4.4, < 3)
      win32console (~> 1.3)
    rainbow (1.1.4)
    rake (0.9.2.2)
    rdoc (3.12)
      json (~> 1.4)
    rest-client (1.6.7)
      mime-types (>= 1.16)
    rforce (0.8.1)
      builder (~> 3.0)
      oauth (~> 0.4)
    rubyzip (0.9.8)
    salesforce (0.0.1)
      activesupport
      fastercsv
      pry
      rforce
    slop (2.4.4)
    terminal-table (1.4.5)
    win32console (1.3.2-x86-mingw32)
    yajl-ruby (1.1.0-x86-mingw32)

PLATFORMS
  x86-mingw32

DEPENDENCIES
  ms_utils!
  rake
  rdoc
